GEM
  remote: https://rubygems.org/
  specs:
    crabstone (4.0.3)
      ffi
    ffi (1.15.1)
    seafoam (0.7)
      crabstone (~> 4.0)

PLATFORMS
  ruby

DEPENDENCIES
  seafoam

BUNDLED WITH
   2.1.4
